PATH
  remote: ../gitlab-rspec
  specs:
    gitlab-rspec (0.1.0)
      activerecord (>= 6.1, < 9)
      activesupport (>= 6.1, < 8)
      rspec (~> 3.0)

PATH
  remote: .
  specs:
    gitlab-rspec_flaky (0.1.0)
      activesupport (>= 6.1, < 8)
      rspec (~> 3.0)

GEM
  remote: https://rubygems.org/
  specs:
    activemodel (7.1.5.2)
      activesupport (= 7.1.5.2)
    activerecord (7.1.5.2)
      activemodel (= 7.1.5.2)
      activesupport (= 7.1.5.2)
      timeout (>= 0.4.0)
    activesupport (7.1.5.2)
      base64
      benchmark (>= 0.3)
      bigdecimal
      concurrent-ruby (~> 1.0, >= 1.0.2)
      connection_pool (>= 2.2.5)
      drb
      i18n (>= 1.6, < 2)
      logger (>= 1.4.2)
      minitest (>= 5.1)
      mutex_m
      securerandom (>= 0.3)
      tzinfo (~> 2.0)
    ast (2.4.2)
    base64 (0.3.0)
    benchmark (0.4.1)
    bigdecimal (3.2.2)
    binding_of_caller (1.0.0)
      debug_inspector (>= 0.0.1)
    coderay (1.1.3)
    concurrent-ruby (1.3.5)
    connection_pool (2.5.3)
    debug_inspector (1.1.0)
    diff-lcs (1.5.0)
    drb (2.2.3)
    gitlab-styles (10.1.0)
      rubocop (~> 1.50.2)
      rubocop-graphql (~> 0.18)
      rubocop-performance (~> 1.15)
      rubocop-rails (~> 2.17)
      rubocop-rspec (~> 2.22)
    i18n (1.14.7)
      concurrent-ruby (~> 1.0)
    json (2.6.3)
    logger (1.7.0)
    minitest (5.25.5)
    mutex_m (0.3.0)
    parallel (1.23.0)
    parser (3.2.2.3)
      ast (~> 2.4.1)
      racc
    proc_to_ast (0.1.0)
      coderay
      parser
      unparser
    racc (1.7.1)
    rack (3.1.16)
    rainbow (3.1.1)
    regexp_parser (2.8.1)
    rexml (3.3.9)
    rspec (3.12.0)
      rspec-core (~> 3.12.0)
      rspec-expectations (~> 3.12.0)
      rspec-mocks (~> 3.12.0)
    rspec-core (3.12.2)
      rspec-support (~> 3.12.0)
    rspec-expectations (3.12.3)
      diff-lcs (>= 1.2.0, < 2.0)
      rspec-support (~> 3.12.0)
    rspec-mocks (3.12.5)
      diff-lcs (>= 1.2.0, < 2.0)
      rspec-support (~> 3.12.0)
    rspec-parameterized (1.0.0)
      rspec-parameterized-core (< 2)
      rspec-parameterized-table_syntax (< 2)
    rspec-parameterized-core (1.0.0)
      parser
      proc_to_ast
      rspec (>= 2.13, < 4)
      unparser
    rspec-parameterized-table_syntax (1.0.0)
      binding_of_caller
      rspec-parameterized-core (< 2)
    rspec-support (3.12.1)
    rubocop (1.50.2)
      json (~> 2.3)
      parallel (~> 1.10)
      parser (>= 3.2.0.0)
      rainbow (>= 2.2.2, < 4.0)
      regexp_parser (>= 1.8, < 3.0)
      rexml (>= 3.2.5, < 4.0)
      rubocop-ast (>= 1.28.0, < 2.0)
      ruby-progressbar (~> 1.7)
      unicode-display_width (>= 2.4.0, < 3.0)
    rubocop-ast (1.29.0)
      parser (>= 3.2.1.0)
    rubocop-capybara (2.18.0)
      rubocop (~> 1.41)
    rubocop-factory_bot (2.23.1)
      rubocop (~> 1.33)
    rubocop-graphql (0.19.0)
      rubocop (>= 0.87, < 2)
    rubocop-performance (1.18.0)
      rubocop (>= 1.7.0, < 2.0)
      rubocop-ast (>= 0.4.0)
    rubocop-rails (2.20.2)
      activesupport (>= 4.2.0)
      rack (>= 1.1)
      rubocop (>= 1.33.0, < 2.0)
    rubocop-rspec (2.22.0)
      rubocop (~> 1.33)
      rubocop-capybara (~> 2.17)
      rubocop-factory_bot (~> 2.22)
    ruby-progressbar (1.13.0)
    securerandom (0.3.2)
    timeout (0.4.3)
    tzinfo (2.0.6)
      concurrent-ruby (~> 1.0)
    unicode-display_width (2.4.2)
    unparser (0.6.8)
      diff-lcs (~> 1.3)
      parser (>= 3.2.0)

PLATFORMS
  ruby

DEPENDENCIES
  gitlab-rspec (~> 0.1)!
  gitlab-rspec_flaky!
  gitlab-styles (~> 10.1.0)
  rspec-parameterized (~> 1.0)
  rubocop (~> 1.50)
  rubocop-rspec (~> 2.22)

CHECKSUMS
  activemodel (7.1.5.2) sha256=4fb6a56a8614ee820c218563fcdebcf0d7b16ab153b81ecd2ed91877cf4ac8b5
  activerecord (7.1.5.2) sha256=923da72b2da727fd2868bfa2a536db6facf71d67064889a4fb16ff323da99d2a
  activesupport (7.1.5.2) sha256=900031b9c8acbfea604977addcbfe990ba8f36e1059e9d448df520bbead36ed1
  ast (2.4.2) sha256=1e280232e6a33754cde542bc5ef85520b74db2aac73ec14acef453784447cc12
  base64 (0.3.0) sha256=27337aeabad6ffae05c265c450490628ef3ebd4b67be58257393227588f5a97b
  benchmark (0.4.1) sha256=d4ef40037bba27f03b28013e219b950b82bace296549ec15a78016552f8d2cce
  bigdecimal (3.2.2) sha256=39085f76b495eb39a79ce07af716f3a6829bc35eb44f2195e2753749f2fa5adc
  binding_of_caller (1.0.0) sha256=3aad25d1d538fc6e7972978f9bf512ccd992784009947c81633bea776713161d
  coderay (1.1.3) sha256=dc530018a4684512f8f38143cd2a096c9f02a1fc2459edcfe534787a7fc77d4b
  concurrent-ruby (1.3.5) sha256=813b3e37aca6df2a21a3b9f1d497f8cbab24a2b94cab325bffe65ee0f6cbebc6
  connection_pool (2.5.3) sha256=cfd74a82b9b094d1ce30c4f1a346da23ee19dc8a062a16a85f58eab1ced4305b
  debug_inspector (1.1.0) sha256=eaa5a2d0195e1d65fb4164e8e7e466cca2e7eb53bc5e608cf12b8bf02c3a8606
  diff-lcs (1.5.0) sha256=49b934001c8c6aedb37ba19daec5c634da27b318a7a3c654ae979d6ba1929b67
  drb (2.2.3) sha256=0b00d6fdb50995fe4a45dea13663493c841112e4068656854646f418fda13373
  gitlab-rspec (0.1.0)
  gitlab-rspec_flaky (0.1.0)
  gitlab-styles (10.1.0) sha256=f42745f5397d042fe24cf2d0eb56c995b37f9f43d8fb79b834d197a1cafdc84a
  i18n (1.14.7) sha256=ceba573f8138ff2c0915427f1fc5bdf4aa3ab8ae88c8ce255eb3ecf0a11a5d0f
  json (2.6.3) sha256=86aaea16adf346a2b22743d88f8dcceeb1038843989ab93cda44b5176c845459
  logger (1.7.0) sha256=196edec7cc44b66cfb40f9755ce11b392f21f7967696af15d274dde7edff0203
  minitest (5.25.5) sha256=391b6c6cb43a4802bfb7c93af1ebe2ac66a210293f4a3fb7db36f2fc7dc2c756
  mutex_m (0.3.0) sha256=cfcb04ac16b69c4813777022fdceda24e9f798e48092a2b817eb4c0a782b0751
  parallel (1.23.0) sha256=27154713ad6ef32fa3dcb7788a721d6c07bca77e72443b4c6080a14145288c49
  parser (3.2.2.3) sha256=10685f358ab36ffea2252dc4952e5b8fad3a297a8152a85f59adc982747b91eb
  proc_to_ast (0.1.0) sha256=92a73fa66e2250a83f8589f818b0751bcf227c68f85916202df7af85082f8691
  racc (1.7.1) sha256=af64124836fdd3c00e830703d7f873ea5deabde923f37006a39f5a5e0da16387
  rack (3.1.16) sha256=efb5606c351efc56b85b10c3493055d0d35209d23f44792ec4e1183eb0234635
  rainbow (3.1.1) sha256=039491aa3a89f42efa1d6dec2fc4e62ede96eb6acd95e52f1ad581182b79bc6a
  regexp_parser (2.8.1) sha256=83f63e2bfae3db38f988c66f114485140ff1791321fd827480bc75aa42cacb8c
  rexml (3.3.9) sha256=d71875b85299f341edf47d44df0212e7658cbdf35aeb69cefdb63f57af3137c9
  rspec (3.12.0) sha256=ccc41799a43509dc0be84070e3f0410ac95cbd480ae7b6c245543eb64162399c
  rspec-core (3.12.2) sha256=155b54480f28e2b2813185077fe435c2d663031616360ed3b179a9d6a55d2551
  rspec-expectations (3.12.3) sha256=093d18e2e7e0a2c619ef8f7343d442fc6c0793fb7897d56f16f26c8a9d244416
  rspec-mocks (3.12.5) sha256=82030d2bfa1e4eef0a2ee36af5d3d224672598912a3f3384f27cbba9fa09d5c1
  rspec-parameterized (1.0.0) sha256=9c07b043c72afbd23dd9a1dd48c06f46bc2fb1a6d875c6703e254932ba28b386
  rspec-parameterized-core (1.0.0) sha256=287b494985e79821160af63aba4f91db8dbfa9a21cb200db34ba38f40e16ccc1
  rspec-parameterized-table_syntax (1.0.0) sha256=d7df951eff9c5dd367ca7d5f9ae4853bb7ab7941f9d5b35bba361d112704988c
  rspec-support (3.12.1) sha256=f969b85d0068ff97bc47c9d6fc2bca9706d73406f2b4e5d3b346443d8734c8cf
  rubocop (1.50.2) sha256=7cfeb0616f686ac61d049beae89f31446792d7e9f5728152657548f70aa78650
  rubocop-ast (1.29.0) sha256=d1da2ab279a074baefc81758ac430c5768a8da8c7438dd4e5819ce5984d00ba1
  rubocop-capybara (2.18.0) sha256=66b256755101f76dc455ba9694e2414bc957db5200401d204b00bc835401d605
  rubocop-factory_bot (2.23.1) sha256=c19ee30c02e591f4293c07e943e22b7999c545d5010aac4d79621ee310850c4f
  rubocop-graphql (0.19.0) sha256=ba4b2fc91c9f0fda47e0870a6ae15a1e5525d6caffcb150dc88b00caaacc3e43
  rubocop-performance (1.18.0) sha256=4c9d74f1b5bfaffb5b1cdb843279364198ac804e2644ae194615834dd011e02e
  rubocop-rails (2.20.2) sha256=d20cbd613900fa22bcf85a7fba78ab68b21fc4f90b1e73c97284d40674332417
  rubocop-rspec (2.22.0) sha256=2d7493222c81c78ad304ddd81aaf64b3543bcfac6d3d8706c220331921753a03
  ruby-progressbar (1.13.0) sha256=80fc9c47a9b640d6834e0dc7b3c94c9df37f08cb072b7761e4a71e22cff29b33
  securerandom (0.3.2) sha256=e8b2ffa651dfbbb26eb4bfb8ddcfff94221a93e3f118f39e0f7f94c14fea9dc0
  timeout (0.4.3) sha256=9509f079b2b55fe4236d79633bd75e34c1c1e7e3fb4b56cb5fda61f80a0fe30e
  tzinfo (2.0.6) sha256=8daf828cc77bcf7d63b0e3bdb6caa47e2272dcfaf4fbfe46f8c3a9df087a829b
  unicode-display_width (2.4.2) sha256=6a10205d1a19ca790c4e53064ba93f09d9eb234bf6bd135d9deb6001c21428be
  unparser (0.6.8) sha256=38262636be6aed919586eca4334140eb08c06bc5978e66e4693103384733c13c

BUNDLED WITH
   2.6.5
